GEM
  remote: http://rubygems.org/
  specs:
    addressable (2.4.0)
    diff-lcs (1.2.5)
    docile (1.1.5)
    domainatrix (0.0.11)
      addressable
    hoe (3.14.2)
      rake (>= 0.8, < 11.0)
    json (1.8.3)
    one_hundred_percent_coverage (0.0.2)
      simplecov (>= 0.3.7)
    rake (10.5.0)
    rdoc (4.2.2)
      json (~> 1.4)
    rspec (3.4.0)
      rspec-core (~> 3.4.0)
      rspec-expectations (~> 3.4.0)
      rspec-mocks (~> 3.4.0)
    rspec-core (3.4.3)
      rspec-support (~> 3.4.0)
    rspec-expectations (3.4.0)
      diff-lcs (>= 1.2.0, < 2.0)
      rspec-support (~> 3.4.0)
    rspec-mocks (3.4.1)
      diff-lcs (>= 1.2.0, < 2.0)
      rspec-support (~> 3.4.0)
    rspec-support (3.4.1)
    simplecov (0.11.2)
      docile (~> 1.1.0)
      json (~> 1.8)
      simplecov-html (~> 0.10.0)
    simplecov-html (0.10.0)

PLATFORMS
  ruby

DEPENDENCIES
  domainatrix
  hoe
  one_hundred_percent_coverage
  rdoc
  rspec
  simplecov

BUNDLED WITH
   1.11.2
